GEM
  remote: https://rubygems.org/
  specs:
    activesupport (3.2.22.4)
      i18n (~> 0.6, >= 0.6.4)
      multi_json (~> 1.0)
    colorator (1.1.0)
    daemons (1.2.4)
    eventmachine (1.2.0.1)
    ffi (1.9.14)
    fileutils (0.7)
      rmagick (>= 2.13.1)
    foreman (0.82.0)
      thor (~> 0.19.1)
    forwardable-extended (2.6.0)
    git-version-bump (0.15.1)
    hpricot (0.8.6)
    i18n (0.7.0)
    jekyll (3.2.1)
      colorator (~> 1.0)
      jekyll-sass-converter (~> 1.0)
      jekyll-watch (~> 1.1)
      kramdown (~> 1.3)
      liquid (~> 3.0)
      mercenary (~> 0.3.3)
      pathutil (~> 0.9)
      rouge (~> 1.7)
      safe_yaml (~> 1.0)
    jekyll-docs (3.2.1)
      jekyll (= 3.2.1)
    jekyll-sass-converter (1.4.0)
      sass (~> 3.4)
    jekyll-watch (1.5.0)
      listen (~> 3.0, < 3.1)
    kramdown (1.12.0)
    liquid (3.0.6)
    listen (3.0.8)
      rb-fsevent (~> 0.9, >= 0.9.4)
      rb-inotify (~> 0.9, >= 0.9.7)
    mercenary (0.3.6)
    minima (1.2.0)
    multi_json (1.12.1)
    open_uri_redirections (0.2.1)
    pathutil (0.14.0)
      forwardable-extended (~> 2.6)
    rack (1.5.5)
    rack-contrib (1.4.0)
      git-version-bump (~> 0.15)
      rack (~> 1.4)
    rack-jekyll (0.5.0)
      jekyll (>= 1.3)
      listen (>= 1.3)
      rack (~> 1.5)
    rack-protection (1.5.3)
      rack
    rack-test (0.6.3)
      rack (>= 1.0)
    rb-fsevent (0.9.7)
    rb-inotify (0.9.7)
      ffi (>= 0.5.0)
    rmagick (2.13.4)
    rouge (1.11.1)
    safe_yaml (1.0.4)
    sass (3.4.22)
    sequel (4.39.0)
    serve (1.5.2)
      activesupport (~> 3.2.12)
      i18n
      rack (~> 1.5.2)
      rack-test (~> 0.6.2)
      tilt (~> 1.3.3)
      tzinfo
    sinatra (1.4.7)
      rack (~> 1.5)
      rack-protection (~> 1.4)
      tilt (>= 1.3, < 3)
    thin (1.7.0)
      daemons (~> 1.0, >= 1.0.9)
      eventmachine (~> 1.0, >= 1.0.4)
      rack (>= 1, < 3)
    thor (0.19.1)
    thread_safe (0.3.5)
    tilt (1.3.7)
    tzinfo (1.2.2)
      thread_safe (~> 0.1)

PLATFORMS
  ruby

DEPENDENCIES
  bundler
  fileutils (~> 0.7)
  foreman
  hpricot
  jekyll (= 3.2.1)
  jekyll-docs
  kramdown
  minima
  open_uri_redirections
  rack-contrib
  rack-jekyll
  rmagick (~> 2.13.1)
  sequel
  serve
  sinatra
  thin

RUBY VERSION
   ruby 2.3.1p112

BUNDLED WITH
   1.13.6
